GEM
  remote: https://rubygems.org/
  specs:
    diff-lcs (1.5.0)
    language_server-protocol (3.17.0.1)
    prettier_print (1.0.2)
    rspec (3.11.0)
      rspec-core (~> 3.11.0)
      rspec-expectations (~> 3.11.0)
      rspec-mocks (~> 3.11.0)
    rspec-core (3.11.0)
      rspec-support (~> 3.11.0)
    rspec-expectations (3.11.1)
      diff-lcs (>= 1.2.0, < 2.0)
      rspec-support (~> 3.11.0)
    rspec-mocks (3.11.1)
      diff-lcs (>= 1.2.0, < 2.0)
      rspec-support (~> 3.11.0)
    rspec-support (3.11.1)
    ruby-lsp (0.3.5)
      language_server-protocol (~> 3.17.0)
      sorbet-runtime
      syntax_tree (>= 4.0.2)
    sorbet-runtime (0.5.10517)
    syntax_tree (4.2.0)
      prettier_print (>= 1.0.2)

PLATFORMS
  x86_64-darwin-21

DEPENDENCIES
  rspec
  ruby-lsp (~> 0.3.5)

BUNDLED WITH
   2.3.23
